GEM
  remote: https://rubygems.org/
  specs:
    actionmailer (2.3.18)
      actionpack (= 2.3.18)
    actionpack (2.3.18)
      activesupport (= 2.3.18)
      rack (~> 1.1.0)
    activerecord (2.3.18)
      activesupport (= 2.3.18)
    activeresource (2.3.18)
      activesupport (= 2.3.18)
    activesupport (2.3.18)
    axlsx (1.3.6)
      htmlentities (~> 4.3.1)
      nokogiri (>= 1.4.1)
      rubyzip (>= 0.9.5)
    capistrano (2.5.19)
      highline
      net-scp (>= 1.0.0)
      net-sftp (>= 2.0.0)
      net-ssh (>= 2.0.14)
      net-ssh-gateway (>= 1.0.0)
    capistrano-ext (1.2.1)
      capistrano (>= 1.0.0)
    chronic (0.9.1)
    daemons (1.0.10)
    factory_girl (1.2.4)
    fastercsv (1.5.5)
    freshlime_deploy (0.1.0)
      capistrano (>= 2.5.19)
      capistrano (>= 2.5.19)
      capistrano-ext (>= 1.2.1)
      capistrano-ext (>= 1.2.1)
    gem_plugin (0.2.3)
    highline (1.6.19)
    htmlentities (4.3.1)
    jrails (0.6.0)
    mongrel (1.2.0.pre2)
      daemons (~> 1.0.10)
      gem_plugin (~> 0.2.3)
    mysql (2.8.1)
    net-scp (1.1.2)
      net-ssh (>= 2.6.5)
    net-sftp (2.1.2)
      net-ssh (>= 2.6.5)
    net-ssh (2.6.8)
    net-ssh-gateway (1.2.0)
      net-ssh (>= 2.6.5)
    nokogiri (1.5.10)
    paperclip (2.3.3)
      activerecord
      activesupport
    rack (1.1.6)
    rails (2.3.18)
      actionmailer (= 2.3.18)
      actionpack (= 2.3.18)
      activerecord (= 2.3.18)
      activeresource (= 2.3.18)
      activesupport (= 2.3.18)
      rake (>= 0.8.3)
    rake (0.8.7)
    rubyzip (0.9.9)
    shoulda (2.11.1)
    sqlite3 (1.3.8)
    tiny_mce (0.1.2)
    tlsmail (0.0.1)
    whenever (0.5.0)
      chronic (>= 0.2.3)
    will_paginate (2.3.15)

PLATFORMS
  ruby

DEPENDENCIES
  axlsx ()
  capistrano (= 2.5.19)
  factory_girl (= 1.2.4)
  fastercsv (= 1.5.5)
  freshlime_deploy (= 0.1.0)
  jrails (= 0.6.0)
  mongrel (= 1.2.0.pre2)
  mysql (= 2.8.1)
  nokogiri (~> 1.5.10)
  paperclip (= 2.3.3)
  rails (= 2.3.18)
  rake (= 0.8.7)
  shoulda (= 2.11.1)
  sqlite3 ()
  tiny_mce (= 0.1.2)
  tlsmail ()
  whenever (= 0.5.0)
  will_paginate (= 2.3.15)
